GEM
  remote: http://rubygems.org/
  specs:
    diff-lcs (1.1.3)
    eventmachine (1.0.0)
    json (1.7.5)
    packetthief (0.3.3)
      eventmachine (>= 1.0.0.rc.4)
    rake (0.9.2.2)
    rdoc (3.12)
      json (~> 1.4)
    rspec (2.8.0)
      rspec-core (~> 2.8.0)
      rspec-expectations (~> 2.8.0)
      rspec-mocks (~> 2.8.0)
    rspec-core (2.8.0)
    rspec-expectations (2.8.0)
      diff-lcs (~> 1.1.2)
    rspec-mocks (2.8.0)
    ruby-termios (0.9.6)

PLATFORMS
  ruby

DEPENDENCIES
  bundler (~> 1.0)
  eventmachine (>= 1.0.0)
  packetthief (~> 0.3.3)
  rake (>= 0.8.7)
  rdoc (~> 3.12)
  rspec (~> 2.8.0)
  ruby-termios (>= 0.9.6)
