PATH
  remote: .
  specs:
    tlspretense (0.6.0)
      eventmachine (>= 1.0.0)
      ruby-termios (>= 0.9.6)

GEM
  remote: http://rubygems.org/
  specs:
    diff-lcs (1.1.3)
    eventmachine (1.0.0)
    json (1.7.5)
    multi_json (1.5.0)
    rake (10.0.3)
    rdoc (3.12)
      json (~> 1.4)
    rspec (2.8.0)
      rspec-core (~> 2.8.0)
      rspec-expectations (~> 2.8.0)
      rspec-mocks (~> 2.8.0)
    rspec-core (2.8.0)
    rspec-expectations (2.8.0)
      diff-lcs (~> 1.1.2)
    rspec-mocks (2.8.0)
    ruby-termios (0.9.6)
    simplecov (0.7.1)
      multi_json (~> 1.0)
      simplecov-html (~> 0.7.1)
    simplecov-html (0.7.1)

PLATFORMS
  ruby

DEPENDENCIES
  bundler (~> 1.0)
  rake (>= 0.8.7)
  rdoc (~> 3.12)
  rspec (~> 2.8.0)
  simplecov (~> 0.7)
  tlspretense!
